GEM
  remote: https://rubygems.org/
  specs:
    coderay (1.1.0)
    method_source (0.8.2)
    pairtree (0.1.0)
    pry (0.9.12.6)
      coderay (~> 1.0)
      method_source (~> 0.8)
      slop (~> 3.4)
    rubyzip (1.1.0)
    slop (3.4.7)

PLATFORMS
  ruby

DEPENDENCIES
  pairtree
  pry
  rubyzip
